FRAMEWORK: NETCORE11
NUGET
  remote: https://api.nuget.org/v3/index.json
    FSharp.Core (4.1.12)
    FSharp.NET.Sdk (1.0.3)
    Microsoft.NET.Test.Sdk (15.0)
      Microsoft.TestPlatform.TestHost (>= 15.0)
    Microsoft.TestPlatform.TestHost (15.0)
    xunit (2.2)
      xunit.assert (2.2)
      xunit.core (2.2)
    xunit.assert (2.2)
    xunit.core (2.2)
      xunit.extensibility.core (2.2)
      xunit.extensibility.execution (2.2)
    xunit.extensibility.core (2.2)
    xunit.extensibility.execution (2.2)
    xunit.runner.visualstudio (2.2)
